PATH
  remote: .
  specs:
    redcarpet (2.2.2)
      i18n

GEM
  remote: http://rubygems.org/
  specs:
    i18n (0.6.4)
    metaclass (0.0.1)
    mocha (0.10.5)
      metaclass (~> 0.0.1)
    nokogiri (1.5.5)
    rake (0.9.2.2)
    rake-compiler (0.8.1)
      rake

PLATFORMS
  ruby

DEPENDENCIES
  mocha
  nokogiri
  rake-compiler
  redcarpet!
